GEM
  remote: https://rubygems.org/
  specs:
    addressable (2.8.6)
      public_suffix (>= 2.0.2, < 6.0)
    ast (2.4.2)
    baran (0.1.10)
    base64 (0.2.0)
    bigdecimal (3.1.6)
    coderay (1.1.3)
    colorize (0.8.1)
    diffy (3.4.2)
    domain_name (0.6.20240107)
    dotenv (3.1.0)
    event_stream_parser (0.3.0)
    faraday (2.9.0)
      faraday-net_http (>= 2.0, < 3.2)
    faraday-multipart (1.0.4)
      multipart-post (~> 2)
    faraday-net_http (3.1.0)
      net-http
    ffi (1.16.3)
    ffi-compiler (1.0.1)
      ffi (>= 1.0.0)
      rake
    figaro (1.2.0)
      thor (>= 0.14.0, < 2)
    foreman (0.87.2)
    http (5.2.0)
      addressable (~> 2.8)
      base64 (~> 0.1)
      http-cookie (~> 1.0)
      http-form_data (~> 2.2)
      llhttp-ffi (~> 0.5.0)
    http-cookie (1.0.5)
      domain_name (~> 0.5)
    http-form_data (2.3.0)
    json (2.7.1)
    json-schema (4.0.0)
      addressable (>= 2.8)
    langchainrb (0.7.5)
      baran (~> 0.1.9)
      colorize (~> 0.8.1)
      json-schema (~> 4.0.0)
      matrix
      pragmatic_segmenter (~> 0.3.0)
      tiktoken_ruby (~> 0.0.5)
      to_bool (~> 2.0.0)
      zeitwerk (~> 2.5)
    language_server-protocol (3.17.0.3)
    llhttp-ffi (0.5.0)
      ffi-compiler (~> 1.0)
      rake (~> 13.0)
    matrix (0.4.2)
    method_source (1.0.0)
    multipart-post (2.4.0)
    net-http (0.4.1)
      uri
    nio4r (2.7.0)
    nokogiri (1.16.2-arm64-darwin)
      racc (~> 1.4)
    nokogiri (1.16.2-x86_64-linux)
      racc (~> 1.4)
    parallel (1.24.0)
    parser (3.3.0.5)
      ast (~> 2.4.1)
      racc
    pg (1.5.6)
    pragmatic_segmenter (0.3.23)
      unicode
    pry (0.14.2)
      coderay (~> 1.1)
      method_source (~> 1.0)
    public_suffix (5.0.4)
    puma (6.4.2)
      nio4r (~> 2.0)
    racc (1.7.3)
    rack (3.0.9.1)
    rainbow (3.1.1)
    rake (13.1.0)
    regexp_parser (2.9.0)
    rexml (3.2.6)
    roda (3.77.0)
      rack
    rubocop (1.61.0)
      json (~> 2.3)
      language_server-protocol (>= 3.17.0)
      parallel (~> 1.10)
      parser (>= 3.3.0.2)
      rainbow (>= 2.2.2, < 4.0)
      regexp_parser (>= 1.8, < 3.0)
      rexml (>= 3.2.5, < 4.0)
      rubocop-ast (>= 1.30.0, < 2.0)
      ruby-progressbar (~> 1.7)
      unicode-display_width (>= 2.4.0, < 3.0)
    rubocop-ast (1.31.1)
      parser (>= 3.3.0.4)
    ruby-openai (5.2.0)
      event_stream_parser (>= 0.3.0, < 1.0.0)
      faraday (>= 1)
      faraday-multipart (>= 1)
    ruby-progressbar (1.13.0)
    sequel (5.78.0)
      bigdecimal
    sqlite3 (1.7.2-arm64-darwin)
    sqlite3 (1.7.2-x86_64-linux)
    thor (1.3.1)
    tiktoken_ruby (0.0.7-arm64-darwin)
    tiktoken_ruby (0.0.7-x86_64-linux)
    tilt (2.3.0)
    to_bool (2.0.0)
    unicode (0.4.4.4)
    unicode-display_width (2.5.0)
    uri (0.13.0)
    zeitwerk (2.6.13)

PLATFORMS
  arm64-darwin-23
  x86_64-linux

DEPENDENCIES
  diffy
  dotenv
  figaro (~> 1.2)
  foreman (~> 0.0)
  http
  langchainrb (~> 0.7.3)
  nokogiri (~> 1.15)
  pg (~> 1.0)
  pry
  puma (~> 6.0)
  rake (~> 13.0)
  roda (~> 3.0)
  rubocop
  ruby-openai (~> 5.2.0)
  sequel (~> 5.0)
  sqlite3 (~> 1.0)
  tilt

BUNDLED WITH
   2.4.12
